GEM
  remote: https://rubygems.org/
  specs:
    actioncable (7.2.1.2)
      actionpack (= 7.2.1.2)
      activesupport (= 7.2.1.2)
      nio4r (~> 2.0)
      websocket-driver (>= 0.6.1)
      zeitwerk (~> 2.6)
    actionmailbox (7.2.1.2)
      actionpack (= 7.2.1.2)
      activejob (= 7.2.1.2)
      activerecord (= 7.2.1.2)
      activestorage (= 7.2.1.2)
      activesupport (= 7.2.1.2)
      mail (>= 2.8.0)
    actionmailer (7.2.1.2)
      actionpack (= 7.2.1.2)
      actionview (= 7.2.1.2)
      activejob (= 7.2.1.2)
      activesupport (= 7.2.1.2)
      mail (>= 2.8.0)
      rails-dom-testing (~> 2.2)
    actionpack (7.2.1.2)
      actionview (= 7.2.1.2)
      activesupport (= 7.2.1.2)
      nokogiri (>= 1.8.5)
      racc
      rack (>= 2.2.4, < 3.2)
      rack-session (>= 1.0.1)
      rack-test (>= 0.6.3)
      rails-dom-testing (~> 2.2)
      rails-html-sanitizer (~> 1.6)
      useragent (~> 0.16)
    actiontext (7.2.1.2)
      actionpack (= 7.2.1.2)
      activerecord (= 7.2.1.2)
      activestorage (= 7.2.1.2)
      activesupport (= 7.2.1.2)
      globalid (>= 0.6.0)
      nokogiri (>= 1.8.5)
    actionview (7.2.1.2)
      activesupport (= 7.2.1.2)
      builder (~> 3.1)
      erubi (~> 1.11)
      rails-dom-testing (~> 2.2)
      rails-html-sanitizer (~> 1.6)
    activejob (7.2.1.2)
      activesupport (= 7.2.1.2)
      globalid (>= 0.3.6)
    activemodel (7.2.1.2)
      activesupport (= 7.2.1.2)
    activerecord (7.2.1.2)
      activemodel (= 7.2.1.2)
      activesupport (= 7.2.1.2)
      timeout (>= 0.4.0)
    activestorage (7.2.1.2)
      actionpack (= 7.2.1.2)
      activejob (= 7.2.1.2)
      activerecord (= 7.2.1.2)
      activesupport (= 7.2.1.2)
      marcel (~> 1.0)
    activesupport (7.2.1.2)
      base64
      bigdecimal
      concurrent-ruby (~> 1.0, >= 1.3.1)
      connection_pool (>= 2.2.5)
      drb
      i18n (>= 1.6, < 2)
      logger (>= 1.4.2)
      minitest (>= 5.1)
      securerandom (>= 0.3)
      tzinfo (~> 2.0, >= 2.0.5)
    addressable (2.8.6)
      public_suffix (>= 2.0.2, < 6.0)
    autoprefixer-rails (10.4.19.0)
      execjs (~> 2)
    aws-eventstream (1.3.0)
    aws-partitions (1.1012.0)
    aws-sdk-core (3.213.0)
      aws-eventstream (~> 1, >= 1.3.0)
      aws-partitions (~> 1, >= 1.992.0)
      aws-sigv4 (~> 1.9)
      jmespath (~> 1, >= 1.6.1)
    aws-sdk-kms (1.96.0)
      aws-sdk-core (~> 3, >= 3.210.0)
      aws-sigv4 (~> 1.5)
    aws-sdk-s3 (1.173.0)
      aws-sdk-core (~> 3, >= 3.210.0)
      aws-sdk-kms (~> 1)
      aws-sigv4 (~> 1.5)
    aws-sigv4 (1.10.1)
      aws-eventstream (~> 1, >= 1.0.2)
    base64 (0.2.0)
    bigdecimal (3.1.8)
    bindex (0.8.1)
    bootsnap (1.18.4)
      msgpack (~> 1.2)
    bootstrap (4.6.2.1)
      autoprefixer-rails (>= 9.1.0)
      popper_js (>= 1.16.1, < 2)
    builder (3.3.0)
    byebug (11.1.3)
    capybara (3.40.0)
      addressable
      matrix
      mini_mime (>= 0.1.3)
      nokogiri (~> 1.11)
      rack (>= 1.6.0)
      rack-test (>= 0.6.3)
      regexp_parser (>= 1.5, < 3.0)
      xpath (~> 3.2)
    childprocess (5.0.0)
    coffee-rails (5.0.0)
      coffee-script (>= 2.2.0)
      railties (>= 5.2.0)
    coffee-script (2.4.1)
      coffee-script-source
      execjs
    coffee-script-source (1.12.2)
    concurrent-ruby (1.3.4)
    connection_pool (2.4.1)
    crass (1.0.6)
    date (3.4.0)
    diff-lcs (1.5.1)
    dotenv (3.1.4)
    dotenv-rails (3.1.4)
      dotenv (= 3.1.4)
      railties (>= 6.1)
    drb (2.2.1)
    erubi (1.13.0)
    execjs (2.10.0)
    ffi (1.17.0)
    globalid (1.2.1)
      activesupport (>= 6.1)
    hashid-rails (1.4.1)
      activerecord (>= 4.0)
      hashids (~> 1.0)
    hashids (1.0.5)
    i18n (1.14.6)
      concurrent-ruby (~> 1.0)
    io-console (0.7.2)
    irb (1.14.1)
      rdoc (>= 4.0.0)
      reline (>= 0.4.2)
    jbuilder (2.13.0)
      actionview (>= 5.0.0)
      activesupport (>= 5.0.0)
    jmespath (1.6.2)
    jquery-rails (4.6.0)
      rails-dom-testing (>= 1, < 3)
      railties (>= 4.2.0)
      thor (>= 0.14, < 2.0)
    json (2.5.1)
    launchy (3.0.1)
      addressable (~> 2.8)
      childprocess (~> 5.0)
    listen (3.9.0)
      rb-fsevent (~> 0.10, >= 0.10.3)
      rb-inotify (~> 0.9, >= 0.9.10)
    logger (1.6.1)
    loofah (2.23.1)
      crass (~> 1.0.2)
      nokogiri (>= 1.12.0)
    mail (2.8.1)
      mini_mime (>= 0.1.1)
      net-imap
      net-pop
      net-smtp
    marcel (1.0.4)
    matrix (0.4.2)
    mini_mime (1.1.5)
    mini_portile2 (2.8.7)
    minitest (5.25.1)
    msgpack (1.7.2)
    net-imap (0.5.1)
      date
      net-protocol
    net-pop (0.1.2)
      net-protocol
    net-protocol (0.2.2)
      timeout
    net-smtp (0.5.0)
      net-protocol
    nio4r (2.7.3)
    nokogiri (1.16.7)
      mini_portile2 (~> 2.8.2)
      racc (~> 1.4)
    octicons (19.12.0)
    octicons_helper (19.12.0)
      actionview
      octicons (= 19.12.0)
      railties
    pg (1.5.9)
    popper_js (1.16.1)
    psych (5.2.0)
      stringio
    public_suffix (5.0.5)
    puma (6.4.3)
      nio4r (~> 2.0)
    racc (1.8.1)
    rack (3.1.8)
    rack-session (2.0.0)
      rack (>= 3.0.0)
    rack-test (2.1.0)
      rack (>= 1.3)
    rackup (2.2.0)
      rack (>= 3)
    rails (7.2.1.2)
      actioncable (= 7.2.1.2)
      actionmailbox (= 7.2.1.2)
      actionmailer (= 7.2.1.2)
      actionpack (= 7.2.1.2)
      actiontext (= 7.2.1.2)
      actionview (= 7.2.1.2)
      activejob (= 7.2.1.2)
      activemodel (= 7.2.1.2)
      activerecord (= 7.2.1.2)
      activestorage (= 7.2.1.2)
      activesupport (= 7.2.1.2)
      bundler (>= 1.15.0)
      railties (= 7.2.1.2)
    rails-dom-testing (2.2.0)
      activesupport (>= 5.0.0)
      minitest
      nokogiri (>= 1.6)
    rails-html-sanitizer (1.6.0)
      loofah (~> 2.21)
      nokogiri (~> 1.14)
    rails_real_favicon (0.1.1)
      json (>= 1.7, < 3)
      rails
      rubyzip (~> 2)
    railties (7.2.1.2)
      actionpack (= 7.2.1.2)
      activesupport (= 7.2.1.2)
      irb (~> 1.13)
      rackup (>= 1.0.0)
      rake (>= 12.2)
      thor (~> 1.0, >= 1.2.2)
      zeitwerk (~> 2.6)
    rake (13.2.1)
    rb-fsevent (0.11.2)
    rb-inotify (0.10.1)
      ffi (~> 1.0)
    rdoc (6.7.0)
      psych (>= 4.0.0)
    regexp_parser (2.9.0)
    reline (0.5.11)
      io-console (~> 0.5)
    rspec-core (3.13.2)
      rspec-support (~> 3.13.0)
    rspec-expectations (3.13.3)
      diff-lcs (>= 1.2.0, < 2.0)
      rspec-support (~> 3.13.0)
    rspec-mocks (3.13.2)
      diff-lcs (>= 1.2.0, < 2.0)
      rspec-support (~> 3.13.0)
    rspec-rails (7.1.0)
      actionpack (>= 7.0)
      activesupport (>= 7.0)
      railties (>= 7.0)
      rspec-core (~> 3.13)
      rspec-expectations (~> 3.13)
      rspec-mocks (~> 3.13)
      rspec-support (~> 3.13)
    rspec-support (3.13.1)
    rspec_junit_formatter (0.6.0)
      rspec-core (>= 2, < 4, != 2.12.0)
    rubyzip (2.3.0)
    sass-rails (6.0.0)
      sassc-rails (~> 2.1, >= 2.1.1)
    sassc (2.4.0)
      ffi (~> 1.9)
    sassc-rails (2.1.2)
      railties (>= 4.0.0)
      sassc (>= 2.0)
      sprockets (> 3.0)
      sprockets-rails
      tilt
    securerandom (0.3.2)
    simple_form (5.3.1)
      actionpack (>= 5.2)
      activemodel (>= 5.2)
    spring (4.2.1)
    spring-watcher-listen (2.1.0)
      listen (>= 2.7, < 4.0)
      spring (>= 4)
    sprockets (4.2.1)
      concurrent-ruby (~> 1.0)
      rack (>= 2.2.4, < 4)
    sprockets-rails (3.5.2)
      actionpack (>= 6.1)
      activesupport (>= 6.1)
      sprockets (>= 3.0.0)
    stringio (3.1.2)
    thor (1.3.2)
    tilt (2.4.0)
    timeout (0.4.2)
    turbolinks (5.2.1)
      turbolinks-source (~> 5.2)
    turbolinks-source (5.2.0)
    tzinfo (2.0.6)
      concurrent-ruby (~> 1.0)
    uglifier (4.2.1)
      execjs (>= 0.3.0, < 3)
    useragent (0.16.10)
    web-console (4.2.1)
      actionview (>= 6.0.0)
      activemodel (>= 6.0.0)
      bindex (>= 0.4.0)
      railties (>= 6.0.0)
    websocket-driver (0.7.6)
      websocket-extensions (>= 0.1.0)
    websocket-extensions (0.1.5)
    xpath (3.2.0)
      nokogiri (~> 1.8)
    zeitwerk (2.7.1)

PLATFORMS
  ruby

DEPENDENCIES
  aws-sdk-s3
  bootsnap
  bootstrap (< 5)
  byebug
  capybara
  coffee-rails
  dotenv-rails
  hashid-rails
  jbuilder
  jquery-rails
  launchy
  listen
  net-imap
  net-pop
  net-smtp
  octicons
  octicons_helper
  pg
  puma
  rails (< 8)
  rails_real_favicon
  rspec-rails
  rspec_junit_formatter
  sass-rails
  simple_form
  spring
  spring-watcher-listen
  turbolinks
  uglifier
  web-console

RUBY VERSION
   ruby 3.3.4p94

BUNDLED WITH
   2.2.32
